GEM
  remote: https://rubygems.org/
  specs:
    actionpack (6.0.3.4)
      actionview (= 6.0.3.4)
      activesupport (= 6.0.3.4)
      rack (~> 2.0, >= 2.0.8)
      rack-test (>= 0.6.3)
      rails-dom-testing (~> 2.0)
      rails-html-sanitizer (~> 1.0, >= 1.2.0)
    actionview (6.0.3.4)
      activesupport (= 6.0.3.4)
      builder (~> 3.1)
      erubi (~> 1.4)
      rails-dom-testing (~> 2.0)
      rails-html-sanitizer (~> 1.1, >= 1.2.0)
    activemodel (6.0.3.4)
      activesupport (= 6.0.3.4)
    activerecord (6.0.3.4)
      activemodel (= 6.0.3.4)
      activesupport (= 6.0.3.4)
    activesupport (6.0.3.4)
      concurrent-ruby (~> 1.0, >= 1.0.2)
      i18n (>= 0.7, < 2)
      minitest (~> 5.1)
      tzinfo (~> 1.1)
      zeitwerk (~> 2.2, >= 2.2.2)
    addressable (2.7.0)
      public_suffix (>= 2.0.2, < 5.0)
    ansi (1.5.0)
    ast (2.4.1)
    autoprefixer-rails (10.0.1.0)
      execjs
    bcrypt (3.1.16)
    bootstrap-sass (3.4.1)
      autoprefixer-rails (>= 5.2.1)
      sassc (>= 2.0.0)
    builder (3.2.4)
    coffee-rails (5.0.0)
      coffee-script (>= 2.2.0)
      railties (>= 5.2.0)
    coffee-script (2.4.1)
      coffee-script-source
      execjs
    coffee-script-source (1.12.2)
    concurrent-ruby (1.1.7)
    connection_pool (2.2.3)
    crass (1.0.6)
    debase (0.2.4.1)
      debase-ruby_core_source (>= 0.10.2)
    debase-ruby_core_source (0.10.11)
    declarative (0.0.20)
    declarative-option (0.1.0)
    docile (1.3.2)
    domain_name (0.5.20190701)
      unf (>= 0.0.5, < 1.0.0)
    erubi (1.9.0)
    execjs (2.7.0)
    faraday (1.0.1)
      multipart-post (>= 1.2, < 3)
    ffi (1.13.1)
    google-api-client (0.46.1)
      addressable (~> 2.5, >= 2.5.1)
      googleauth (~> 0.9)
      httpclient (>= 2.8.1, < 3.0)
      mini_mime (~> 1.0)
      representable (~> 3.0)
      retriable (>= 2.0, < 4.0)
      rexml
      signet (~> 0.12)
    google_drive (3.0.5)
      google-api-client (>= 0.11.0, < 1.0.0)
      googleauth (>= 0.5.0, < 1.0.0)
      nokogiri (>= 1.5.3, < 2.0.0)
    googleauth (0.14.0)
      faraday (>= 0.17.3, < 2.0)
      jwt (>= 1.4, < 3.0)
      memoist (~> 0.16)
      multi_json (~> 1.11)
      os (>= 0.9, < 2.0)
      signet (~> 0.14)
    http-cookie (1.0.3)
      domain_name (~> 0.5)
    httpclient (2.8.3)
    i18n (1.8.5)
      concurrent-ruby (~> 1.0)
    jquery-datatables-rails (3.4.0)
      actionpack (>= 3.1)
      jquery-rails
      railties (>= 3.1)
      sass-rails
    jquery-rails (4.4.0)
      rails-dom-testing (>= 1, < 3)
      railties (>= 4.2.0)
      thor (>= 0.14, < 2.0)
    json (2.3.1)
    jwt (2.2.2)
    loofah (2.7.0)
      crass (~> 1.0.2)
      nokogiri (>= 1.5.9)
    mechanize (2.7.6)
      domain_name (~> 0.5, >= 0.5.1)
      http-cookie (~> 1.0)
      mime-types (>= 1.17.2)
      net-http-digest_auth (~> 1.1, >= 1.1.1)
      net-http-persistent (>= 2.5.2)
      nokogiri (~> 1.6)
      ntlm-http (~> 0.1, >= 0.1.1)
      webrobots (>= 0.0.9, < 0.2)
    memoist (0.16.2)
    method_source (1.0.0)
    mime-types (3.3.1)
      mime-types-data (~> 3.2015)
    mime-types-data (3.2020.0512)
    mini_mime (1.0.2)
    mini_portile2 (2.4.0)
    minitest (5.14.2)
    minitest-reporters (1.4.2)
      ansi
      builder
      minitest (>= 5.0)
      ruby-progressbar
    multi_json (1.15.0)
    multipart-post (2.1.1)
    net-http-digest_auth (1.4.1)
    net-http-persistent (4.0.0)
      connection_pool (~> 2.2)
    nio4r (2.5.4)
    nokogiri (1.10.10)
      mini_portile2 (~> 2.4.0)
    non-stupid-digest-assets (1.0.9)
      sprockets (>= 2.0)
    ntlm-http (0.1.1)
    os (1.1.1)
    parallel (1.19.2)
    parser (2.7.2.0)
      ast (~> 2.4.1)
    pg (1.2.3)
    public_suffix (4.0.6)
    puma (5.0.2)
      nio4r (~> 2.0)
    rack (2.2.3)
    rack-test (1.1.0)
      rack (>= 1.0, < 3)
    rails-dom-testing (2.0.3)
      activesupport (>= 4.2.0)
      nokogiri (>= 1.6)
    rails-html-sanitizer (1.3.0)
      loofah (~> 2.3)
    railties (6.0.3.4)
      actionpack (= 6.0.3.4)
      activesupport (= 6.0.3.4)
      method_source
      rake (>= 0.8.7)
      thor (>= 0.20.3, < 2.0)
    rainbow (3.0.0)
    rake (13.0.1)
    regexp_parser (1.8.2)
    representable (3.0.4)
      declarative (< 0.1.0)
      declarative-option (< 0.2.0)
      uber (< 0.2.0)
    retriable (3.1.2)
    rexml (3.2.4)
    rubocop (0.92.0)
      parallel (~> 1.10)
      parser (>= 2.7.1.5)
      rainbow (>= 2.2.2, < 4.0)
      regexp_parser (>= 1.7)
      rexml
      rubocop-ast (>= 0.5.0)
      ruby-progressbar (~> 1.7)
      unicode-display_width (>= 1.4.0, < 2.0)
    rubocop-ast (0.7.1)
      parser (>= 2.7.1.5)
    ruby-debug-ide (0.7.2)
      rake (>= 0.8.1)
    ruby-progressbar (1.10.1)
    rubyXL (3.4.15)
      nokogiri (>= 1.10.8)
      rubyzip (>= 1.3.0)
    rubyzip (2.3.0)
    sass-rails (6.0.0)
      sassc-rails (~> 2.1, >= 2.1.1)
    sassc (2.4.0)
      ffi (~> 1.9)
    sassc-rails (2.1.2)
      railties (>= 4.0.0)
      sassc (>= 2.0)
      sprockets (> 3.0)
      sprockets-rails
      tilt
    shoulda (4.0.0)
      shoulda-context (~> 2.0)
      shoulda-matchers (~> 4.0)
    shoulda-context (2.0.0)
    shoulda-matchers (4.4.1)
      activesupport (>= 4.2.0)
    signet (0.14.0)
      addressable (~> 2.3)
      faraday (>= 0.17.3, < 2.0)
      jwt (>= 1.5, < 3.0)
      multi_json (~> 1.10)
    simplecov (0.17.1)
      docile (~> 1.1)
      json (>= 1.8, < 3)
      simplecov-html (~> 0.10.0)
    simplecov-html (0.10.2)
    sprockets (4.0.2)
      concurrent-ruby (~> 1.0)
      rack (> 1, < 3)
    sprockets-rails (3.2.2)
      actionpack (>= 4.0)
      activesupport (>= 4.0)
      sprockets (>= 3.0.0)
    sucker_punch (2.1.2)
      concurrent-ruby (~> 1.0)
    thor (1.0.1)
    thread_safe (0.3.6)
    tilt (2.0.10)
    tzinfo (1.2.7)
      thread_safe (~> 0.1)
    uber (0.1.0)
    uglifier (4.2.0)
      execjs (>= 0.3.0, < 3)
    unf (0.1.4)
      unf_ext
    unf_ext (0.0.7.7)
    unicode-display_width (1.7.0)
    webrobots (0.1.2)
    zeitwerk (2.4.0)

PLATFORMS
  ruby

DEPENDENCIES
  actionpack (= 6.0.3.4)
  actionview (= 6.0.3.4)
  activemodel (= 6.0.3.4)
  activerecord (= 6.0.3.4)
  activesupport (= 6.0.3.4)
  bcrypt (= 3.1.16)
  bootstrap-sass (= 3.4.1)
  coffee-rails (= 5.0.0)
  debase (= 0.2.4.1)
  google_drive (= 3.0.5)
  jquery-datatables-rails (= 3.4.0)
  jquery-rails (= 4.4.0)
  mechanize (= 2.7.6)
  minitest-reporters (= 1.4.2)
  nokogiri (= 1.10.10)
  non-stupid-digest-assets (= 1.0.9)
  pg (= 1.2.3)
  puma (= 5.0.2)
  railties (= 6.0.3.4)
  rubocop (= 0.92.0)
  ruby-debug-ide (= 0.7.2)
  rubyXL (= 3.4.15)
  sass-rails (= 6.0.0)
  shoulda (= 4.0.0)
  simplecov (= 0.17.1)
  sprockets (= 4.0.2)
  sprockets-rails
  sucker_punch (= 2.1.2)
  uglifier (= 4.2.0)

RUBY VERSION
   ruby 2.7.1p83

BUNDLED WITH
   2.1.4
